GEM
  remote: http://rubygems.org/
  specs:
    cleverbot (0.1.1)
      httparty (~> 0.8.0)
    httparty (0.8.3)
      multi_json (~> 1.0)
      multi_xml
    multi_json (1.3.6)
    multi_xml (0.5.1)
    win32-sapi (0.1.6)

PLATFORMS
  x86-mingw32

DEPENDENCIES
  cleverbot
  win32-sapi
